GEM
  remote: https://rubygems.org/
  specs:
    commonmarker (0.23.9)
    hikidoc (0.1.0)
    sequel (5.68.0)

PLATFORMS
  amd64-freebsd-12
  amd64-freebsd-13

DEPENDENCIES
  commonmarker
  hikidoc
  sequel

BUNDLED WITH
   2.4.10
