GEM
  remote: https://rubygems.org/
  specs:
    bigdecimal (3.1.5)
    commonmarker (0.23.10)
    hikidoc (0.1.0)
    sequel (5.77.0)
      bigdecimal

PLATFORMS
  amd64-freebsd-14
  ruby

DEPENDENCIES
  bigdecimal (= 3.1.5)
  commonmarker (< 1.0.0)
  hikidoc
  sequel

BUNDLED WITH
   2.5.6
